GEM
  remote: http://rubygems.org/
  specs:
    builder (3.0.0)
    childprocess (0.1.6)
      ffi (~> 0.6.3)
    cucumber (0.10.0)
      builder (>= 2.1.2)
      diff-lcs (~> 1.1.2)
      gherkin (~> 2.3.2)
      json (~> 1.4.6)
      term-ansicolor (~> 1.0.5)
    diff-lcs (1.1.2)
    ffi (0.6.3)
      rake (>= 0.8.7)
    ffi (0.6.3-java)
    gherkin (2.3.3)
      json (~> 1.4.6)
    gherkin (2.3.3-java)
      json (~> 1.4.6)
    json (1.4.6)
    json (1.4.6-java)
    json_pure (1.4.6)
    markaby (0.7.1)
      builder (>= 2.0.0)
    nokogiri (1.4.4)
    nokogiri (1.4.4-java)
      weakling (>= 0.0.3)
    rack (1.2.1)
    rake (0.8.7)
    rubyzip (0.9.4)
    selenium-webdriver (0.1.2)
      childprocess (~> 0.1.5)
      ffi (~> 0.6.3)
      json_pure
      rubyzip
    sinatra (1.0)
      rack (>= 1.0)
    term-ansicolor (1.0.5)
    watir-webdriver (0.1.8)
      selenium-webdriver (>= 0.1.2)
    weakling (0.0.4-java)

PLATFORMS
  java
  ruby

DEPENDENCIES
  cucumber (= 0.10.0)
  markaby
  nokogiri
  sinatra
  watir-webdriver (= 0.1.8)
